PATH
  remote: .
  specs:
    to_api (1.0.3)
      activerecord (>= 2.3, < 3)

GEM
  remote: http://rubygems.org/
  specs:
    activerecord (2.3.5)
      activesupport (= 2.3.5)
    activesupport (2.3.5)
    rake (0.8.7)
    rspec (1.3.1)

PLATFORMS
  ruby

DEPENDENCIES
  activerecord (>= 2.3, < 3)
  rake (>= 0.8.7)
  rspec (= 1.3.1)
  to_api!
