GEM
  remote: http://rubygems.org/
  specs:
    activerecord (2.3.5)
      activesupport (= 2.3.5)
    activesupport (2.3.5)
    git (1.2.5)
    jeweler (1.5.1)
      bundler (~> 1.0.0)
      git (>= 1.2.5)
      rake
    rake (0.8.7)
    rspec (1.3.0)

PLATFORMS
  ruby

DEPENDENCIES
  activerecord (>= 2.3, < 3)
  jeweler
  rake
  rspec (= 1.3.0)
